GEM
  remote: https://rubygems.org/
  specs:
    activemodel (4.2.11)
      activesupport (= 4.2.11)
      builder (~> 3.1)
    activeresource (4.0.0)
      activemodel (~> 4.0)
      activesupport (~> 4.0)
      rails-observers (~> 0.1.1)
    activesupport (4.2.11)
      i18n (~> 0.7)
      minitest (~> 5.1)
      thread_safe (~> 0.3, >= 0.3.4)
      tzinfo (~> 1.1)
    builder (3.2.3)
    coderay (1.1.2)
    concurrent-ruby (1.1.4)
    diff-lcs (1.3)
    dotenv (2.7.0)
    faraday (0.15.4)
      multipart-post (>= 1.2, < 3)
    httparty (0.16.4)
      mime-types (~> 3.0)
      multi_xml (>= 0.5.2)
    hubspot-ruby (0.6.1)
      activesupport (>= 3.0.0)
      httparty (>= 0.10.0)
    i18n (0.9.5)
      concurrent-ruby (~> 1.0)
    irb (1.0.0)
    method_source (0.9.2)
    mime-types (3.2.2)
      mime-types-data (~> 3.2015)
    mime-types-data (3.2018.0812)
    mimemagic (0.3.3)
    minitest (5.11.3)
    multi_xml (0.6.0)
    multipart-post (2.0.0)
    pipeline_deals (0.4.0)
      activeresource (= 4.0.0)
    pry (0.12.2)
      coderay (~> 1.1.0)
      method_source (~> 0.9.0)
    rails-observers (0.1.5)
      activemodel (>= 4.0)
    rake (12.3.3)
    rspec (3.8.0)
      rspec-core (~> 3.8.0)
      rspec-expectations (~> 3.8.0)
      rspec-mocks (~> 3.8.0)
    rspec-core (3.8.0)
      rspec-support (~> 3.8.0)
    rspec-expectations (3.8.2)
      diff-lcs (>= 1.2.0, < 2.0)
      rspec-support (~> 3.8.0)
    rspec-mocks (3.8.0)
      diff-lcs (>= 1.2.0, < 2.0)
      rspec-support (~> 3.8.0)
    rspec-support (3.8.0)
    thread_safe (0.3.6)
    tzinfo (1.2.5)
      thread_safe (~> 0.1)

PLATFORMS
  ruby

DEPENDENCIES
  dotenv
  faraday
  hubspot-ruby
  irb
  mimemagic
  pipeline_deals
  pry
  rake
  rspec

BUNDLED WITH
   2.0.1
